GEM
  remote: https://rubygems.org/
  specs:
    bitters (1.3.1)
      bourbon (>= 5.0.0.beta.3)
      sass (~> 3.4)
      thor (~> 0.19)
    bourbon (5.0.0.beta.5)
      sass (~> 3.4)
      thor (~> 0.19)
    neat (1.7.4)
      bourbon (>= 4.0)
      sass (>= 3.3)
    sass (3.4.22)
    thor (0.19.1)

PLATFORMS
  ruby

DEPENDENCIES
  bitters (= 1.3.1)
  bourbon (= 5.0.0.beta.5)
  neat (= 1.7.4)

BUNDLED WITH
   1.11.2
